GEM
  remote: https://rubygems.org/
  specs:
    docker-api (1.22.2)
      excon (>= 0.38.0)
      json
    excon (0.45.4)
    json (1.8.3)

PLATFORMS
  ruby

DEPENDENCIES
  docker-api (~> 1.22.0)

BUNDLED WITH
   1.10.5
